GEM
  remote: https://rubygems.org/
  specs:
    activesupport (7.1.0)
      base64
      bigdecimal
      concurrent-ruby (~> 1.0, >= 1.0.2)
      connection_pool (>= 2.2.5)
      drb
      i18n (>= 1.6, < 2)
      minitest (>= 5.1)
      mutex_m
      tzinfo (~> 2.0)
    base64 (0.2.0)
    bigdecimal (3.1.6)
    concurrent-ruby (1.2.3)
    connection_pool (2.4.1)
    drb (2.2.0)
      ruby2_keywords
    erubi (1.12.0)
    i18n (1.14.1)
      concurrent-ruby (~> 1.0)
    minitest (5.22.2)
    mutex_m (0.2.0)
    netrc (0.11.0)
    parallel (1.24.0)
    prettier_print (1.2.1)
    prism (0.21.0)
    rbi (0.1.8)
      prism (>= 0.18.0, < 0.22)
      sorbet-runtime (>= 0.5.9204)
    ruby2_keywords (0.0.5)
    sorbet (0.5.11238)
      sorbet-static (= 0.5.11238)
    sorbet-runtime (0.5.11238)
    sorbet-static (0.5.11238-universal-darwin)
    sorbet-static-and-runtime (0.5.11238)
      sorbet (= 0.5.11238)
      sorbet-runtime (= 0.5.11238)
    spoom (1.2.4)
      erubi (>= 1.10.0)
      sorbet-static-and-runtime (>= 0.5.10187)
      syntax_tree (>= 6.1.1)
      thor (>= 0.19.2)
    syntax_tree (6.2.0)
      prettier_print (>= 1.2.0)
    tapioca (0.12.0)
      bundler (>= 2.2.25)
      netrc (>= 0.11.0)
      parallel (>= 1.21.0)
      rbi (>= 0.1.4, < 0.2)
      sorbet-static-and-runtime (>= 0.5.10820)
      spoom (~> 1.2.0, >= 1.2.0)
      thor (>= 1.2.0)
      yard-sorbet
    thor (1.3.0)
    tzinfo (2.0.6)
      concurrent-ruby (~> 1.0)
    vernier (0.3.0)
    yard (0.9.34)
    yard-sorbet (0.8.1)
      sorbet-runtime (>= 0.5)
      yard (>= 0.9)

PLATFORMS
  arm64-darwin-21
  arm64-darwin-23
  ruby

DEPENDENCIES
  activesupport
  tapioca (~> 0.12.0)
  vernier

BUNDLED WITH
   2.4.12
